GEM
  remote: http://rubygems.org/
  specs:
    activemodel (3.2.12)
      activesupport (= 3.2.12)
      builder (~> 3.0.0)
    activerecord (3.2.12)
      activemodel (= 3.2.12)
      activesupport (= 3.2.12)
      arel (~> 3.0.2)
      tzinfo (~> 0.3.29)
    activerecord-jdbc-adapter (1.2.7)
    activerecord-jdbcmssql-adapter (1.2.7)
      activerecord-jdbc-adapter (~> 1.2.7)
      jdbc-jtds (>= 1.2.5, < 1.4.0)
    activerecord-jdbcmysql-adapter (1.2.7)
      activerecord-jdbc-adapter (~> 1.2.7)
      jdbc-mysql (~> 5.1.0)
    activesupport (3.2.12)
      i18n (~> 0.6)
      multi_json (~> 1.0)
    arel (3.0.2)
    builder (3.0.4)
    chronic (0.9.0)
    columnize (0.3.6)
    delorean (0.2.1)
      chronic
    factory_girl (1.3.3)
    git (1.2.5)
    i18n (0.6.1)
    jdbc-jtds (1.3.0.1)
    jdbc-mysql (5.1.22.1)
    jeweler (1.8.4)
      bundler (~> 1.0)
      git (>= 1.2.5)
      rake
      rdoc
    json (1.7.7)
    json (1.7.7-java)
    linecache (0.46-java)
    multi_json (1.5.1)
    rake (10.0.3)
    rdoc (3.12.1)
      json (~> 1.4)
    ruby-debug (0.10.4)
      columnize (>= 0.1)
      ruby-debug-base (~> 0.10.4.0)
    ruby-debug-base (0.10.4)
      linecache (>= 0.3)
    ruby-debug-base (0.10.4-java)
    tzinfo (0.3.35)

PLATFORMS
  java

DEPENDENCIES
  activerecord (~> 3.0)
  activerecord-jdbcmssql-adapter
  activerecord-jdbcmysql-adapter
  activerecord-sqlserver-adapter (~> 3.2.0)
  debugger
  delorean (~> 0.2.0)
  factory_girl (~> 1.3.3)
  jdbc-mysql
  jeweler (>= 1.4.0)
  mysql (~> 2.8.1)
  mysql2 (~> 0.3.0)
  pg (~> 0.9)
  rake
  ruby-debug (= 0.10.4)
  ruby-debug-base (= 0.10.4)
  seamless_database_pool (~> 1.0.11)
  sqlite3 (~> 1.3.1)
  tiny_tds
