GEM
  remote: http://rubygems.org/
  specs:
    activemodel (3.2.8)
      activesupport (= 3.2.8)
      builder (~> 3.0.0)
    activerecord (3.2.8)
      activemodel (= 3.2.8)
      activesupport (= 3.2.8)
      arel (~> 3.0.2)
      tzinfo (~> 0.3.29)
    activerecord-jdbc-adapter (1.2.2.1)
    activerecord-jdbcmysql-adapter (1.2.2.1)
      activerecord-jdbc-adapter (~> 1.2.2.1)
      jdbc-mysql (~> 5.1.0)
    activerecord-sqlserver-adapter (3.2.9)
      activerecord (~> 3.2.0)
    activesupport (3.2.8)
      i18n (~> 0.6)
      multi_json (~> 1.0)
    arel (3.0.2)
    builder (3.0.4)
    chronic (0.8.0)
    columnize (0.3.6)
    debugger (1.2.1)
      columnize (>= 0.3.1)
      debugger-linecache (~> 1.1.1)
      debugger-ruby_core_source (~> 1.1.4)
    debugger-linecache (1.1.2)
      debugger-ruby_core_source (>= 1.1.1)
    debugger-ruby_core_source (1.1.4)
    delorean (0.2.1)
      chronic
    factory_girl (1.3.3)
    git (1.2.5)
    i18n (0.6.1)
    jdbc-mysql (5.1.13)
    jeweler (1.8.4)
      bundler (~> 1.0)
      git (>= 1.2.5)
      rake
      rdoc
    json (1.7.5)
    json (1.7.5-java)
    linecache (0.46)
      rbx-require-relative (> 0.0.4)
    multi_json (1.3.6)
    mysql (2.8.1)
    mysql2 (0.3.11)
    pg (0.14.1)
    rake (0.9.2.2)
    rbx-require-relative (0.0.9)
    rdoc (3.12)
      json (~> 1.4)
    ruby-debug (0.10.4)
      columnize (>= 0.1)
      ruby-debug-base (~> 0.10.4.0)
    ruby-debug-base (0.10.4)
      linecache (>= 0.3)
    ruby-debug-base (0.10.4-java)
    seamless_database_pool (1.0.11)
      activerecord (>= 2.2.2)
    sqlite3 (1.3.6)
    tiny_tds (0.5.1)
    tzinfo (0.3.34)

PLATFORMS
  java
  ruby

DEPENDENCIES
  activerecord (~> 3.0)
  activerecord-jdbcmysql-adapter
  activerecord-sqlserver-adapter (~> 3.2.0)
  debugger
  delorean (~> 0.2.0)
  factory_girl (~> 1.3.3)
  jdbc-mysql
  jeweler (>= 1.4.0)
  mysql (~> 2.8.1)
  mysql2 (~> 0.3.0)
  pg (~> 0.9)
  rake
  ruby-debug (= 0.10.4)
  ruby-debug-base (= 0.10.4)
  seamless_database_pool (~> 1.0.11)
  sqlite3 (~> 1.3.1)
  tiny_tds
